PATH
  remote: .
  specs:
    believer (0.2.6)
      activemodel (~> 3)
      connection_pool
      cql-rb (>= 1.1.0.pre6)

GEM
  remote: https://rubygems.org/
  specs:
    activemodel (3.2.15)
      activesupport (= 3.2.15)
      builder (~> 3.0.0)
    activesupport (3.2.15)
      i18n (~> 0.6, >= 0.6.4)
      multi_json (~> 1.0)
    builder (3.0.4)
    connection_pool (1.1.0)
    cql-rb (1.1.0.rc0)
    diff-lcs (1.2.4)
    i18n (0.6.5)
    multi_json (1.8.2)
    rake (10.1.0)
    rspec (2.14.1)
      rspec-core (~> 2.14.0)
      rspec-expectations (~> 2.14.0)
      rspec-mocks (~> 2.14.0)
    rspec-core (2.14.6)
    rspec-expectations (2.14.3)
      diff-lcs (>= 1.1.3, < 2.0)
    rspec-mocks (2.14.4)
    simplecov (0.7.1)
      multi_json (~> 1.0)
      simplecov-html (~> 0.7.1)
    simplecov-html (0.7.1)
    will_paginate (3.0.5)

PLATFORMS
  ruby

DEPENDENCIES
  believer!
  rake
  rspec
  simplecov (= 0.7.1)
  will_paginate
