PATH
  remote: .
  specs:
    believer (0.2.18)
      activemodel
      connection_pool
      cql-rb

GEM
  remote: https://rubygems.org/
  specs:
    activemodel (4.0.1)
      activesupport (= 4.0.1)
      builder (~> 3.1.0)
    activesupport (4.0.1)
      i18n (~> 0.6, >= 0.6.4)
      minitest (~> 4.2)
      multi_json (~> 1.3)
      thread_safe (~> 0.1)
      tzinfo (~> 0.3.37)
    atomic (1.1.14)
    builder (3.1.4)
    connection_pool (1.1.0)
    cql-rb (1.1.1)
    diff-lcs (1.2.5)
    i18n (0.6.5)
    minitest (4.7.5)
    multi_json (1.8.2)
    rails-observers (0.1.2)
      activemodel (~> 4.0)
    rake (10.1.0)
    rspec (2.14.1)
      rspec-core (~> 2.14.0)
      rspec-expectations (~> 2.14.0)
      rspec-mocks (~> 2.14.0)
    rspec-core (2.14.7)
    rspec-expectations (2.14.4)
      diff-lcs (>= 1.1.3, < 2.0)
    rspec-mocks (2.14.4)
    simplecov (0.7.1)
      multi_json (~> 1.0)
      simplecov-html (~> 0.7.1)
    simplecov-html (0.7.1)
    thread_safe (0.1.3)
      atomic
    tzinfo (0.3.38)

PLATFORMS
  ruby

DEPENDENCIES
  believer!
  rails-observers
  rake
  rspec
  simplecov (= 0.7.1)
